GEM
  remote: https://rubygems.org/
  specs:
    actionpack (6.1.7.10)
      actionview (= 6.1.7.10)
      activesupport (= 6.1.7.10)
      rack (~> 2.0, >= 2.0.9)
      rack-test (>= 0.6.3)
      rails-dom-testing (~> 2.0)
      rails-html-sanitizer (~> 1.0, >= 1.2.0)
    actionview (6.1.7.10)
      activesupport (= 6.1.7.10)
      builder (~> 3.1)
      erubi (~> 1.4)
      rails-dom-testing (~> 2.0)
      rails-html-sanitizer (~> 1.1, >= 1.2.0)
    activesupport (6.1.7.10)
      concurrent-ruby (~> 1.0, >= 1.0.2)
      i18n (>= 1.6, < 2)
      minitest (>= 5.1)
      tzinfo (~> 2.0)
      zeitwerk (~> 2.3)
    agoo (2.15.13)
    awesome_print (1.9.2)
    bigdecimal (3.2.2)
    builder (3.3.0)
    coderay (1.1.3)
    concurrent-ruby (1.3.5)
    crass (1.0.6)
    csv (3.3.5)
    cuid (1.0.1)
    diff-lcs (1.6.2)
    dotenv (3.1.8)
    dotenv-rails (3.1.8)
      dotenv (= 3.1.8)
      railties (>= 6.1)
    dry-configurable (1.3.0)
      dry-core (~> 1.1)
      zeitwerk (~> 2.6)
    dry-core (1.1.0)
      concurrent-ruby (~> 1.0)
      logger
      zeitwerk (~> 2.6)
    dry-inflector (1.2.0)
    dry-initializer (3.2.0)
    dry-logic (1.6.0)
      bigdecimal
      concurrent-ruby (~> 1.0)
      dry-core (~> 1.1)
      zeitwerk (~> 2.6)
    dry-schema (1.14.1)
      concurrent-ruby (~> 1.0)
      dry-configurable (~> 1.0, >= 1.0.1)
      dry-core (~> 1.1)
      dry-initializer (~> 3.2)
      dry-logic (~> 1.5)
      dry-types (~> 1.8)
      zeitwerk (~> 2.6)
    dry-struct (1.8.0)
      dry-core (~> 1.1)
      dry-types (~> 1.8, >= 1.8.2)
      ice_nine (~> 0.11)
      zeitwerk (~> 2.6)
    dry-types (1.8.3)
      bigdecimal (~> 3.0)
      concurrent-ruby (~> 1.0)
      dry-core (~> 1.0)
      dry-inflector (~> 1.0)
      dry-logic (~> 1.4)
      zeitwerk (~> 2.6)
    dry-validation (1.11.1)
      concurrent-ruby (~> 1.0)
      dry-core (~> 1.1)
      dry-initializer (~> 3.2)
      dry-schema (~> 1.14)
      zeitwerk (~> 2.6)
    erubi (1.13.1)
    event_stream_parser (1.0.0)
    faraday (2.13.2)
      faraday-net_http (>= 2.0, < 3.5)
      json
      logger
    faraday-multipart (1.1.1)
      multipart-post (~> 2.0)
    faraday-net_http (3.4.1)
      net-http (>= 0.5.0)
    google-protobuf (4.31.1)
      bigdecimal
      rake (>= 13)
    google-protobuf (4.31.1-aarch64-linux-gnu)
      bigdecimal
      rake (>= 13)
    google-protobuf (4.31.1-aarch64-linux-musl)
      bigdecimal
      rake (>= 13)
    google-protobuf (4.31.1-arm64-darwin)
      bigdecimal
      rake (>= 13)
    google-protobuf (4.31.1-x86_64-darwin)
      bigdecimal
      rake (>= 13)
    google-protobuf (4.31.1-x86_64-linux-gnu)
      bigdecimal
      rake (>= 13)
    google-protobuf (4.31.1-x86_64-linux-musl)
      bigdecimal
      rake (>= 13)
    httparty (0.22.0)
      csv
      mini_mime (>= 1.0.0)
      multi_xml (>= 0.5.2)
    i18n (1.14.7)
      concurrent-ruby (~> 1.0)
    ice_nine (0.11.2)
    json (2.12.2)
    logger (1.7.0)
    loofah (2.24.1)
      crass (~> 1.0.2)
      nokogiri (>= 1.12.0)
    method_source (1.1.0)
    mini_mime (1.1.5)
    minitest (5.25.5)
    multi_xml (0.7.2)
      bigdecimal (~> 3.1)
    multipart-post (2.4.1)
    net-http (0.6.0)
      uri
    nokogiri (1.18.8-aarch64-linux-gnu)
      racc (~> 1.4)
    nokogiri (1.18.8-aarch64-linux-musl)
      racc (~> 1.4)
    nokogiri (1.18.8-arm-linux-gnu)
      racc (~> 1.4)
    nokogiri (1.18.8-arm-linux-musl)
      racc (~> 1.4)
    nokogiri (1.18.8-arm64-darwin)
      racc (~> 1.4)
    nokogiri (1.18.8-x86_64-darwin)
      racc (~> 1.4)
    nokogiri (1.18.8-x86_64-linux-gnu)
      racc (~> 1.4)
    nokogiri (1.18.8-x86_64-linux-musl)
      racc (~> 1.4)
    pg (1.5.9)
    pinecone (1.2.1)
      dry-struct (~> 1.6)
      dry-validation (~> 1.10)
      httparty (~> 0.22.0)
    pry (0.14.2)
      coderay (~> 1.1)
      method_source (~> 1.0)
    racc (1.8.1)
    rack (2.2.17)
    rack-test (2.2.0)
      rack (>= 1.3)
    rails-dom-testing (2.3.0)
      activesupport (>= 5.0.0)
      minitest
      nokogiri (>= 1.6)
    rails-html-sanitizer (1.6.2)
      loofah (~> 2.21)
      nokogiri (>= 1.15.7, != 1.16.7, != 1.16.6, != 1.16.5, != 1.16.4, != 1.16.3, != 1.16.2, != 1.16.1, != 1.16.0.rc1, != 1.16.0)
    railties (6.1.7.10)
      actionpack (= 6.1.7.10)
      activesupport (= 6.1.7.10)
      method_source
      rake (>= 12.2)
      thor (~> 1.0)
    rake (13.3.0)
    rspec (3.13.1)
      rspec-core (~> 3.13.0)
      rspec-expectations (~> 3.13.0)
      rspec-mocks (~> 3.13.0)
    rspec-core (3.13.5)
      rspec-support (~> 3.13.0)
    rspec-expectations (3.13.5)
      diff-lcs (>= 1.2.0, < 2.0)
      rspec-support (~> 3.13.0)
    rspec-mocks (3.13.5)
      diff-lcs (>= 1.2.0, < 2.0)
      rspec-support (~> 3.13.0)
    rspec-support (3.13.4)
    ruby-openai (6.5.0)
      event_stream_parser (>= 0.3.0, < 2.0.0)
      faraday (>= 1)
      faraday-multipart (>= 1)
    sass-embedded (1.89.2-aarch64-linux-gnu)
      google-protobuf (~> 4.31)
    sass-embedded (1.89.2-aarch64-linux-musl)
      google-protobuf (~> 4.31)
    sass-embedded (1.89.2-arm-linux-gnueabihf)
      google-protobuf (~> 4.31)
    sass-embedded (1.89.2-arm-linux-musleabihf)
      google-protobuf (~> 4.31)
    sass-embedded (1.89.2-arm64-darwin)
      google-protobuf (~> 4.31)
    sass-embedded (1.89.2-x86_64-darwin)
      google-protobuf (~> 4.31)
    sass-embedded (1.89.2-x86_64-linux-gnu)
      google-protobuf (~> 4.31)
    sass-embedded (1.89.2-x86_64-linux-musl)
      google-protobuf (~> 4.31)
    sqlite3 (1.7.3-aarch64-linux)
    sqlite3 (1.7.3-arm-linux)
    sqlite3 (1.7.3-arm64-darwin)
    sqlite3 (1.7.3-x86_64-darwin)
    sqlite3 (1.7.3-x86_64-linux)
    thor (1.3.2)
    tzinfo (2.0.6)
      concurrent-ruby (~> 1.0)
    uri (1.0.3)
    zeitwerk (2.7.3)

PLATFORMS
  aarch64-linux-gnu
  aarch64-linux-musl
  arm-linux-gnu
  arm-linux-musl
  arm64-darwin
  x86_64-darwin
  x86_64-linux-gnu
  x86_64-linux-musl

DEPENDENCIES
  activesupport
  agoo (>= 1.2.1)
  awesome_print
  cuid (~> 1.0)
  dotenv-rails
  httparty
  json
  pg (~> 1.5)
  pinecone (~> 1.2)
  pry
  rack-test
  rspec (~> 3.13)
  ruby-openai (~> 6.4)
  sass-embedded (~> 1.74)
  sqlite3 (~> 1.7)

BUNDLED WITH
   2.5.23
